GEM
  remote: https://rubygems.org/
  specs:
    activemodel (4.0.13)
      activesupport (= 4.0.13)
      builder (~> 3.1.0)
    activerecord (4.0.13)
      activemodel (= 4.0.13)
      activerecord-deprecated_finders (~> 1.0.2)
      activesupport (= 4.0.13)
      arel (~> 4.0.0)
    activerecord-deprecated_finders (1.0.4)
    activerecord-jdbc-adapter (1.3.17)
      activerecord (>= 2.2)
    activerecord-jdbcderby-adapter (1.3.17)
      activerecord-jdbc-adapter (~> 1.3.17)
      jdbc-derby (~> 10.6)
    activesupport (4.0.13)
      i18n (~> 0.6, >= 0.6.9)
      minitest (~> 4.2)
      multi_json (~> 1.3)
      thread_safe (~> 0.1)
      tzinfo (~> 0.3.37)
    arel (4.0.2)
    builder (3.1.4)
    diaspora-api (0.0.5)
    i18n (0.7.0)
    jdbc-derby (10.11.1.1)
    minitest (4.7.5)
    multi_json (1.11.2)
    nokogiri (1.6.6.2-java)
    reverse_markdown (0.8.2)
      nokogiri
    thread_safe (0.3.5-java)
    tzinfo (0.3.44)

PLATFORMS
  java

DEPENDENCIES
  activerecord (~> 4.0.0)
  activerecord-jdbcderby-adapter (~> 1.3.2)
  diaspora-api
  nokogiri
  reverse_markdown
